GIT
  remote: git://github.com/sinatra/sinatra.git
  revision: 0a0957aefa86dc2ab7f0698f2c1ca2df8e33b511
  specs:
    sinatra (1.4.6)
      rack (~> 1.4)
      rack-protection (~> 1.4)
      tilt (>= 1.3, < 3)

GEM
  remote: https://rubygems.org/
  specs:
    daemons (1.2.2)
    eventmachine (1.0.7)
    haml (4.0.6)
      tilt
    rack (1.6.0)
    rack-protection (1.5.3)
      rack
    thin (1.6.3)
      daemons (~> 1.0, >= 1.0.9)
      eventmachine (~> 1.0)
      rack (~> 1.0)
    tilt (2.0.1)

PLATFORMS
  ruby

DEPENDENCIES
  haml
  sinatra!
  thin
